GEM
  remote: http://rubygems.org/
  specs:
    rmagick (2.13.2)
    trollop (2.0)

PLATFORMS
  ruby

DEPENDENCIES
  rmagick
  trollop
