PATH
  remote: .
  specs:
    tily.rb (0.1.3)
      rmagick (>= 2.13.2)
      trollop (>= 2.0)

GEM
  remote: http://rubygems.org/
  specs:
    diff-lcs (1.1.3)
    rake (0.9.6)
    rmagick (2.13.2)
    rspec (2.6.0)
      rspec-core (~> 2.6.0)
      rspec-expectations (~> 2.6.0)
      rspec-mocks (~> 2.6.0)
    rspec-core (2.6.4)
    rspec-expectations (2.6.0)
      diff-lcs (~> 1.1.2)
    rspec-mocks (2.6.0)
    trollop (2.0)

PLATFORMS
  ruby

DEPENDENCIES
  rake (~> 0.9.0)
  rspec (~> 2.6.0)
  tily.rb!
